GEM
  remote: http://rubygems.org/
  specs:
    activemodel (3.0.3)
      activesupport (= 3.0.3)
      builder (~> 2.1.2)
      i18n (~> 0.4)
    activerecord (3.0.3)
      activemodel (= 3.0.3)
      activesupport (= 3.0.3)
      arel (~> 2.0.2)
      tzinfo (~> 0.3.23)
    activesupport (3.0.3)
    arel (2.0.6)
    bcrypt-ruby (2.1.2)
    builder (2.1.2)
    columnize (0.3.2)
    haml (3.0.24)
    i18n (0.5.0)
    json (1.4.6)
    linecache (0.43)
    mail (2.2.11)
      activesupport (>= 2.3.6)
      i18n (~> 0.5.0)
      mime-types (~> 1.16)
      treetop (~> 1.4.8)
    mime-types (1.16)
    pg (0.10.0)
    polyglot (0.3.1)
    pony (1.1)
      mail (> 2.0)
    r18n-core (0.4.8)
    rack (1.2.1)
    rack-test (0.5.6)
      rack (>= 1.0)
    rake (0.8.7)
    ruby-debug (0.10.4)
      columnize (>= 0.1)
      ruby-debug-base (~> 0.10.4.0)
    ruby-debug-base (0.10.4)
      linecache (>= 0.3)
    sinatra (1.1.0)
      rack (~> 1.1)
      tilt (~> 1.1)
    sinatra-flash (0.3.0)
      sinatra (>= 1.0.0)
    sinatra-r18n (0.4.8)
      r18n-core (= 0.4.8)
    sqlite3-ruby (1.3.2)
    tilt (1.1)
    treetop (1.4.9)
      polyglot (>= 0.3.1)
    tzinfo (0.3.23)

PLATFORMS
  ruby

DEPENDENCIES
  activerecord (>= 3.0.0)
  bcrypt-ruby
  haml
  json
  pg
  pony
  rack-test
  rake
  ruby-debug
  sinatra (>= 1.0)
  sinatra-flash
  sinatra-r18n
  sqlite3-ruby
